GEM
  remote: https://rubygems.org/
  specs:
    builder (3.2.2)
    capybara (2.5.0)
      mime-types (>= 1.16)
      nokogiri (>= 1.3.3)
      rack (>= 1.0.0)
      rack-test (>= 0.5.4)
      xpath (~> 2.0)
    childprocess (0.5.8)
      ffi (~> 1.0, >= 1.0.11)
    cucumber (2.1.0)
      builder (>= 2.1.2)
      cucumber-core (~> 1.3.0)
      diff-lcs (>= 1.1.3)
      gherkin3 (~> 3.1.0)
      multi_json (>= 1.7.5, < 2.0)
      multi_test (>= 0.1.2)
    cucumber-core (1.3.1)
      gherkin3 (~> 3.1.0)
    diff-lcs (1.2.5)
    ffi (1.9.10)
    gherkin3 (3.1.2)
    mime-types (2.99)
    mini_portile2 (2.0.0)
    multi_json (1.11.2)
    multi_test (0.1.2)
    nokogiri (1.6.7.1)
      mini_portile2 (~> 2.0.0.rc2)
    rack (1.6.4)
    rack-test (0.6.3)
      rack (>= 1.0)
    rspec (3.4.0)
      rspec-core (~> 3.4.0)
      rspec-expectations (~> 3.4.0)
      rspec-mocks (~> 3.4.0)
    rspec-core (3.4.1)
      rspec-support (~> 3.4.0)
    rspec-expectations (3.4.0)
      diff-lcs (>= 1.2.0, < 2.0)
      rspec-support (~> 3.4.0)
    rspec-mocks (3.4.0)
      diff-lcs (>= 1.2.0, < 2.0)
      rspec-support (~> 3.4.0)
    rspec-support (3.4.1)
    rubyzip (1.1.7)
    selenium-webdriver (2.48.1)
      childprocess (~> 0.5)
      multi_json (~> 1.0)
      rubyzip (~> 1.0)
      websocket (~> 1.0)
    websocket (1.2.2)
    xpath (2.0.0)
      nokogiri (~> 1.3)

PLATFORMS
  ruby

DEPENDENCIES
  capybara
  cucumber
  rspec
  selenium-webdriver

BUNDLED WITH
   1.10.6
